GEM
  remote: https://rubygems.org/
  specs:
    actioncable (5.1.6)
      actionpack (= 5.1.6)
      nio4r (~> 2.0)
      websocket-driver (~> 0.6.1)
    actionmailer (5.1.6)
      actionpack (= 5.1.6)
      actionview (= 5.1.6)
      activejob (= 5.1.6)
      mail (~> 2.5, >= 2.5.4)
      rails-dom-testing (~> 2.0)
    actionpack (5.1.6)
      actionview (= 5.1.6.2)
      activesupport (= 5.1.6)
      rack (~> 2.0)
      rack-test (>= 0.6.3)
      rails-dom-testing (~> 2.0)
      rails-html-sanitizer (~> 1.0, >= 1.0.2)
    actionview (5.1.6)
      activesupport (= 5.1.6)
      builder (~> 3.1)
      erubi (~> 1.4)
      rails-dom-testing (~> 2.0)
      rails-html-sanitizer (~> 1.0, >= 1.0.3)
    activejob (5.1.6)
      activesupport (= 5.1.6)
      globalid (>= 0.3.6)
    activemodel (5.1.6)
      activesupport (= 5.1.6)
    activerecord (5.1.6)
      activemodel (= 5.1.6)
      activesupport (= 5.1.6)
      arel (~> 8.0)
    activerecord-session_store (1.1.0)
      actionpack (>= 4.0, < 5.2)
      activerecord (>= 4.0, < 5.2)
      multi_json (~> 1.11, >= 1.11.2)
      rack (>= 1.5.2, < 3)
      railties (>= 4.0, < 5.2)
    activesupport (5.1.6)
      concurrent-ruby (~> 1.0, >= 1.0.2)
      i18n (>= 0.7, < 2)
      minitest (~> 5.1)
      tzinfo (~> 1.1)
    addressable (2.5.1)
      public_suffix (~> 2.0, >= 2.0.2)
    arel (8.0.0)
    attr_encrypted (3.0.3)
      encryptor (~> 3.0.0)
    brakeman (3.7.0)
    builder (3.2.3)
    byebug (9.0.6)
    concurrent-ruby (1.0.5)
    crack (0.4.3)
      safe_yaml (~> 1.0.0)
    crass (1.0.4)
    daemons (1.2.4)
    database_cleaner (1.6.1)
    dotenv (2.2.1)
    encryptor (3.0.0)
    erubi (1.7.1)
    execjs (2.7.0)
    faraday (0.15.4)
      multipart-post (>= 1.2, < 3)
    ffaker (2.6.0)
    flamegraph (0.9.5)
    foreman (0.84.0)
      thor (~> 0.19.1)
    globalid (0.4.1)
      activesupport (>= 4.2.0)
    goldiloader (2.0.1)
      activerecord (>= 4.2, < 5.2)
      activesupport (>= 4.2, < 5.2)
    graphiql-rails (1.4.2)
      rails
    graphql (1.8.13)
    graphql-batch (0.3.9)
      graphql (>= 0.8, < 2)
      promise.rb (~> 0.7.2)
    hashdiff (0.3.4)
    hashie (3.6.0)
    i18n (1.0.1)
      concurrent-ruby (~> 1.0)
    jwt (2.1.0)
    loofah (2.2.3)
      crass (~> 1.0.2)
      nokogiri (>= 1.5.9)
    mail (2.7.0)
      mini_mime (>= 0.1.1)
    maxitest (3.1.0)
      minitest (>= 5.0.0, < 5.12.0)
    memory_profiler (0.9.8)
    metaclass (0.0.4)
    method_source (0.9.0)
    mini_mime (1.0.0)
    mini_portile2 (2.3.0)
    minitest (5.11.3)
    minitest-ci (3.4.0)
      minitest (>= 5.0.6)
    minitest-rails (3.0.0)
      minitest (~> 5.8)
      railties (~> 5.0)
    mocha (1.2.1)
      metaclass (~> 0.0.1)
    multi_json (1.12.1)
    multi_xml (0.6.0)
    multipart-post (2.0.0)
    nio4r (2.3.1)
    nokogiri (1.8.5)
      mini_portile2 (~> 2.3.0)
    oauth2 (1.4.1)
      faraday (>= 0.8, < 0.16.0)
      jwt (>= 1.0, < 3.0)
      multi_json (~> 1.3)
      multi_xml (~> 0.5)
      rack (>= 1.2, < 3)
    omniauth (1.9.0)
      hashie (>= 3.4.6, < 3.7.0)
      rack (>= 1.6.2, < 3)
    omniauth-google-oauth2 (0.6.0)
      jwt (>= 2.0)
      omniauth (>= 1.1.1)
      omniauth-oauth2 (>= 1.5)
    omniauth-oauth2 (1.6.0)
      oauth2 (~> 1.1)
      omniauth (~> 1.9)
    omniauth-saml (1.10.1)
      omniauth (~> 1.3, >= 1.3.2)
      ruby-saml (~> 1.7)
    pg (0.21.0)
    promise.rb (0.7.4)
    public_suffix (2.0.5)
    puma (3.11.4)
    rack (2.0.6)
    rack-cors (0.4.1)
    rack-mini-profiler (0.10.5)
      rack (>= 1.2.0)
    rack-test (1.0.0)
      rack (>= 1.0, < 3)
    rails (5.1.6)
      actioncable (= 5.1.6)
      actionmailer (= 5.1.6)
      actionpack (= 5.1.6)
      actionview (= 5.1.6)
      activejob (= 5.1.6)
      activemodel (= 5.1.6)
      activerecord (= 5.1.6)
      activesupport (= 5.1.6)
      bundler (>= 1.3.0)
      railties (= 5.1.6)
      sprockets-rails (>= 2.0.0)
    rails-controller-testing (1.0.2)
      actionpack (~> 5.x, >= 5.0.1)
      actionview (~> 5.x, >= 5.0.1)
      activesupport (~> 5.x)
    rails-dom-testing (2.0.3)
      activesupport (>= 4.2.0)
      nokogiri (>= 1.6)
    rails-html-sanitizer (1.0.4)
      loofah (~> 2.2, >= 2.2.2)
    rails_12factor (0.0.3)
      rails_serve_static_assets
      rails_stdout_logging
    rails_serve_static_assets (0.0.5)
    rails_stdout_logging (0.0.5)
    railties (5.1.6)
      actionpack (= 5.1.6)
      activesupport (= 5.1.6)
      method_source
      rake (>= 0.8.7)
      thor (>= 0.18.1, < 2.0)
    rake (12.3.1)
    rollbar (2.15.0)
      multi_json
    ruby-saml (1.10.0)
      nokogiri (>= 1.8.2)
    safe_yaml (1.0.4)
    sass (3.4.24)
    sass-rails (5.0.6)
      railties (>= 4.0.0, < 6)
      sass (~> 3.1)
      sprockets (>= 2.8, < 4.0)
      sprockets-rails (>= 2.0, < 4.0)
      tilt (>= 1.1, < 3)
    single_cov (0.6.1)
    soft_deletion (1.1.0)
      activerecord (>= 3.2.0, < 5.2.0)
    sprockets (3.7.2)
      concurrent-ruby (~> 1.0)
      rack (> 1, < 3)
    sprockets-rails (3.2.1)
      actionpack (>= 4.0)
      activesupport (>= 4.0)
      sprockets (>= 3.0.0)
    stackprof (0.2.10)
    stronger_parameters (2.9.1)
      actionpack (>= 3.2, < 5.2)
    testrbl (0.8.0)
    thor (0.19.4)
    thread_safe (0.3.6)
    tilt (2.0.7)
    timecop (0.9.0)
    tzinfo (1.2.5)
      thread_safe (~> 0.1)
    uglifier (3.2.0)
      execjs (>= 0.3.0, < 3)
    webmock (3.0.1)
      addressable (>= 2.3.6)
      crack (>= 0.3.2)
      hashdiff
    webpacker (2.0)
      activesupport (>= 4.2)
      multi_json (~> 1.2)
      railties (>= 4.2)
    websocket-driver (0.6.5)
      websocket-extensions (>= 0.1.0)
    websocket-extensions (0.1.3)

PLATFORMS
  ruby
  x86_64-darwin-16
  x86_64-darwin-17

DEPENDENCIES
  activerecord-session_store
  attr_encrypted
  brakeman
  byebug
  daemons
  database_cleaner
  dotenv
  ffaker
  flamegraph
  foreman
  goldiloader (~> 2.0)
  graphiql-rails
  graphql (~> 1.8)
  graphql-batch
  maxitest
  memory_profiler
  minitest-ci
  minitest-rails
  mocha
  omniauth-google-oauth2
  omniauth-saml
  pg (~> 0.21)
  puma
  rack-cors (~> 0.4.1)
  rack-mini-profiler
  rails (~> 5.1)
  rails-controller-testing
  rails_12factor (= 0.0.3)
  rollbar
  sass-rails
  single_cov
  soft_deletion
  stackprof
  stronger_parameters
  testrbl
  timecop
  uglifier
  webmock
  webpacker (~> 2.0)

RUBY VERSION
   ruby 2.5.1p57

BUNDLED WITH
   1.17.3
